GIT
  remote: https://github.com/alexch/rerun.git
  revision: 36f2d237985b670752abbe4a7f6814893cdde96f
  specs:
    rerun (0.14.0)
      listen (~> 3.0)

GEM
  remote: https://rubygems.org/
  specs:
    base64 (0.3.0)
    bigdecimal (3.2.2)
    coderay (1.1.3)
    connection_pool (2.5.3)
    csv (3.3.5)
    ffi (1.17.2)
    ffi (1.17.2-arm64-darwin)
    httparty (0.23.1)
      csv
      mini_mime (>= 1.0.0)
      multi_xml (>= 0.5.2)
    listen (3.9.0)
      rb-fsevent (~> 0.10, >= 0.10.3)
      rb-inotify (~> 0.9, >= 0.9.10)
    method_source (1.1.0)
    mini_mime (1.1.5)
    multi_xml (0.7.2)
      bigdecimal (~> 3.1)
    mustermann (3.0.3)
      ruby2_keywords (~> 0.0.1)
    nio4r (2.7.4)
    pg (1.5.9)
    pry (0.14.2)
      coderay (~> 1.1)
      method_source (~> 1.0)
    puma (5.6.9)
      nio4r (~> 2.0)
    rack (2.2.17)
    rack-protection (3.2.0)
      base64 (>= 0.1.0)
      rack (~> 2.2, >= 2.2.4)
    rackup (1.0.1)
      rack (< 3)
      webrick
    rb-fsevent (0.11.2)
    rb-inotify (0.11.1)
      ffi (~> 1.0)
    redis (5.4.1)
      redis-client (>= 0.22.0)
    redis-client (0.25.1)
      connection_pool
    ruby2_keywords (0.0.5)
    sequel (5.94.0)
      bigdecimal
    sinatra (3.2.0)
      mustermann (~> 3.0)
      rack (~> 2.2, >= 2.2.4)
      rack-protection (= 3.2.0)
      tilt (~> 2.0)
    tilt (2.6.1)
    webrick (1.9.1)

PLATFORMS
  arm64-darwin-24
  ruby

DEPENDENCIES
  httparty
  pg (~> 1.5)
  pry
  puma (~> 5.0)
  rackup
  redis
  rerun!
  sequel (~> 5.0)
  sinatra (~> 3.0)

BUNDLED WITH
   2.6.2
